GEM
  remote: https://rubygems.org/
  specs:
    progressbar (1.13.0)

PLATFORMS
  arm64-darwin-21

DEPENDENCIES
  progressbar (~> 1.13)

RUBY VERSION
   ruby 2.7.6p219

BUNDLED WITH
   2.4.7
